GEM
  remote: https://rubygems.org/
  specs:
    chunky_png (1.2.8)
    compass (0.13.alpha.7)
      chunky_png (~> 1.2)
      json
      listen (~> 1.1.0)
      sass (~> 3.3.0.rc.1)
    compass-normalize (1.4.3)
      compass (>= 0.12.0)
    ffi (1.9.0)
    json (1.8.0)
    listen (1.1.6)
      rb-fsevent (>= 0.9.3)
      rb-inotify (>= 0.9)
      rb-kqueue (>= 0.2)
    prelude-framework (0.8)
      compass (>= 0.12.2)
      rake
      sass (>= 3.2.3)
    rake (10.1.0)
    rb-fsevent (0.9.3)
    rb-inotify (0.9.2)
      ffi (>= 0.5.0)
    rb-kqueue (0.2.0)
      ffi (>= 0.5.0)
    responder (0.2.4)
      compass (>= 0.12.2)
      rake
      sass (>= 3.2.0)
    sass (3.3.0.rc.1)
      listen (~> 1.1.0)

PLATFORMS
  ruby

DEPENDENCIES
  compass (~> 0.13.alpha.6)
  compass-normalize (~> 1.4.2)
  prelude-framework (~> 0.8)
  responder (~> 0.2.2)
  sass (~> 3.3.rc)
